PATH
  remote: .
  specs:
    mixpanel-sidekiq (0.0.4)
      mixpanel-ruby
      sidekiq

GEM
  remote: https://rubygems.org/
  specs:
    celluloid (0.16.0)
      timers (~> 4.0.0)
    connection_pool (2.1.0)
    hitimes (1.2.2)
    json (1.8.1)
    mixpanel-ruby (1.6.0)
    redis (3.2.0)
    redis-namespace (1.5.1)
      redis (~> 3.0, >= 3.0.4)
    sidekiq (3.3.0)
      celluloid (>= 0.16.0)
      connection_pool (>= 2.0.0)
      json
      redis (>= 3.0.6)
      redis-namespace (>= 1.3.1)
    timers (4.0.1)
      hitimes

PLATFORMS
  ruby

DEPENDENCIES
  mixpanel-ruby
  mixpanel-sidekiq!
  sidekiq
